GEM
  remote: https://rubygems.org/
  specs:
    activemodel (5.0.2)
      activesupport (= 5.0.2)
    activerecord (5.0.2)
      activemodel (= 5.0.2)
      activesupport (= 5.0.2)
      arel (~> 7.0)
    activesupport (5.0.2)
      concurrent-ruby (~> 1.0, >= 1.0.2)
      i18n (~> 0.7)
      minitest (~> 5.1)
      tzinfo (~> 1.1)
    addressable (2.5.1)
      public_suffix (~> 2.0, >= 2.0.2)
    ansi (1.5.0)
    arel (7.1.4)
    ast (2.3.0)
    backports (3.7.0)
    bcrypt (3.1.11)
    capybara (2.13.0)
      addressable
      mime-types (>= 1.16)
      nokogiri (>= 1.3.3)
      rack (>= 1.0.0)
      rack-test (>= 0.5.4)
      xpath (~> 2.0)
    celluloid (0.17.3)
      celluloid-essentials
      celluloid-extras
      celluloid-fsm
      celluloid-pool
      celluloid-supervision
      timers (>= 4.1.1)
    celluloid-essentials (0.20.5)
      timers (>= 4.1.1)
    celluloid-extras (0.20.5)
      timers (>= 4.1.1)
    celluloid-fsm (0.20.5)
      timers (>= 4.1.1)
    celluloid-io (0.17.3)
      celluloid (>= 0.17.2)
      nio4r (>= 1.1)
      timers (>= 4.1.1)
    celluloid-pool (0.20.5)
      timers (>= 4.1.1)
    celluloid-supervision (0.20.6)
      timers (>= 4.1.1)
    coderay (1.1.1)
    commonjs (0.2.7)
    concurrent-ruby (1.0.5)
    diff-lcs (1.3)
    dotenv (2.2.0)
    ethon (0.10.1)
      ffi (>= 1.3.0)
    faraday (0.12.0.1)
      multipart-post (>= 1.2, < 3)
    faraday_middleware (0.11.0.1)
      faraday (>= 0.7.4, < 1.0)
    ffi (1.9.18)
    font-awesome-less (4.7.0)
      less (>= 2.4.0)
    foreman (0.84.0)
      thor (~> 0.19.1)
    gli (2.16.0)
    hashie (3.5.5)
    hitimes (1.2.4)
    i18n (0.8.1)
    image_info (1.1.2)
      image_size
      typhoeus
    image_size (1.5.0)
    iso8601 (0.9.1)
    json (1.8.6)
    less (2.6.0)
      commonjs (~> 0.2.7)
    link_thumbnailer (3.3.0)
      activesupport (>= 3.0)
      image_info (~> 1.0)
      json (~> 1.8, >= 1.7.7)
      net-http-persistent (~> 2.9)
      nokogiri (~> 1.6)
      rake (>= 0.9)
      video_info (~> 2.6)
    method_source (0.8.2)
    mime-types (3.1)
      mime-types-data (~> 3.2015)
    mime-types-data (3.2016.0521)
    mini_portile2 (2.1.0)
    minitest (5.10.1)
    multi_json (1.12.1)
    multipart-post (2.0.0)
    net-http-persistent (2.9.4)
    net_http_timeout_errors (0.3.0)
    nio4r (2.0.0)
    nokogiri (1.7.1)
      mini_portile2 (~> 2.1.0)
    oga (2.10)
      ast
      ruby-ll (~> 2.1)
    pg (0.20.0)
    pry (0.10.4)
      coderay (~> 1.1.0)
      method_source (~> 0.8.1)
      slop (~> 3.4)
    public_suffix (2.0.5)
    puma (3.8.2)
    rack (1.6.5)
    rack-flash3 (1.0.5)
      rack
    rack-protection (1.5.3)
      rack
    rack-test (0.6.3)
      rack (>= 1.0)
    rake (12.0.0)
    rspec (3.5.0)
      rspec-core (~> 3.5.0)
      rspec-expectations (~> 3.5.0)
      rspec-mocks (~> 3.5.0)
    rspec-core (3.5.4)
      rspec-support (~> 3.5.0)
    rspec-expectations (3.5.0)
      diff-lcs (>= 1.2.0, < 2.0)
      rspec-support (~> 3.5.0)
    rspec-mocks (3.5.0)
      diff-lcs (>= 1.2.0, < 2.0)
      rspec-support (~> 3.5.0)
    rspec-support (3.5.0)
    ruby-ll (2.1.2)
      ansi
      ast
    shoulda-matchers (3.1.1)
      activesupport (>= 4.0.0)
    sinatra (1.4.8)
      rack (~> 1.5)
      rack-protection (~> 1.4)
      tilt (>= 1.3, < 3)
    sinatra-activerecord (2.0.13)
      activerecord (>= 3.2)
      sinatra (>= 1.0)
    sinatra-contrib (1.4.7)
      backports (>= 2.0)
      multi_json
      rack-protection
      rack-test
      sinatra (~> 1.4.0)
      tilt (>= 1.3, < 3)
    slack-ruby-bot (0.10.1)
      hashie
      slack-ruby-client (>= 0.6.0)
    slack-ruby-client (0.8.0)
      activesupport
      faraday (>= 0.9)
      faraday_middleware
      gli
      hashie
      json
      websocket-driver
    slop (3.6.0)
    thor (0.19.4)
    thread_safe (0.3.6)
    tilt (2.0.7)
    timers (4.1.2)
      hitimes
    typhoeus (1.1.2)
      ethon (>= 0.9.0)
    tzinfo (1.2.3)
      thread_safe (~> 0.1)
    video_info (2.7)
      iso8601 (~> 0.9.1)
      net_http_timeout_errors (~> 0.3.0)
      oga (~> 2.7)
    websocket-driver (0.6.5)
      websocket-extensions (>= 0.1.0)
    websocket-extensions (0.1.2)
    xpath (2.0.0)
      nokogiri (~> 1.3)

PLATFORMS
  ruby

DEPENDENCIES
  bcrypt
  capybara
  celluloid-io
  dotenv
  font-awesome-less
  foreman
  link_thumbnailer
  pg
  pry
  puma
  rack-flash3
  rake
  rspec
  shoulda-matchers
  sinatra
  sinatra-activerecord
  sinatra-contrib
  slack-ruby-bot

BUNDLED WITH
   1.14.6
